GEM
  remote: https://rubygems.org/
  specs:
    chunky_png (1.4.0)

PLATFORMS
  x86_64-linux

DEPENDENCIES
  chunky_png (= 1.4.0)

BUNDLED WITH
   2.3.14
